GEM
  remote: https://rubygems.org/
  specs:
    ruby_http_client (3.5.5)
    sendgrid-ruby (6.6.2)
      ruby_http_client (~> 3.4)

PLATFORMS
  x86_64-linux

DEPENDENCIES
  sendgrid-ruby

RUBY VERSION
   ruby 3.1.2p20

BUNDLED WITH
   2.3.17
